GEM
  remote: https://rubygems.org/
  specs:
    aws-sdk (2.0.39)
      aws-sdk-resources (= 2.0.39)
    aws-sdk-core (2.0.39)
      builder (~> 3.0)
      jmespath (~> 1.0)
      multi_json (~> 1.0)
    aws-sdk-resources (2.0.39)
      aws-sdk-core (= 2.0.39)
    builder (3.2.2)
    chef-api (0.5.0)
      logify (~> 0.1)
      mime-types
    jmespath (1.0.2)
      multi_json (~> 1.0)
    logify (0.2.0)
    mime-types (2.4.3)
    multi_json (1.11.0)

PLATFORMS
  ruby

DEPENDENCIES
  aws-sdk
  chef-api
